GEM
  remote: https://rubygems.org/
  specs:
    amq-protocol (1.9.2)
    barrister (0.1.1)
      json (>= 1.5.0)
    bunny (1.2.1)
      amq-protocol (>= 1.9.2)
    coderay (1.1.0)
    json (1.8.1)
    method_source (0.8.2)
    pry (0.9.12.6)
      coderay (~> 1.0)
      method_source (~> 0.8)
      slop (~> 3.4)
    rack (1.5.2)
    rack-protection (1.5.3)
      rack
    redis (3.0.7)
    sinatra (1.4.5)
      rack (~> 1.4)
      rack-protection (~> 1.4)
      tilt (~> 1.3, >= 1.3.4)
    slop (3.5.0)
    tilt (1.4.1)

PLATFORMS
  ruby

DEPENDENCIES
  barrister
  bunny
  pry
  redis
  sinatra
